GEM
  remote: http://rubygems.org/
  specs:
    archive-tar-minitar (0.5.2)
    columnize (0.3.4)
    i18n (0.6.0)
    json (1.6.1)
    linecache19 (0.5.13)
      ruby_core_source (>= 0.1.4)
    money (4.0.1)
      i18n (~> 0.4)
      json
    rake (0.9.2.2)
    ruby-debug-base19 (0.11.26)
      columnize (>= 0.3.1)
      linecache19 (>= 0.5.11)
      ruby_core_source (>= 0.1.4)
    ruby_core_source (0.1.5)
      archive-tar-minitar (>= 0.5.2)
    test-unit (2.4.0)

PLATFORMS
  ruby

DEPENDENCIES
  money
  rake
  ruby-debug-base19 (= 0.11.26)
  test-unit
